GIT
  remote: git@github.com:heycarsten/lcbo.git
  revision: fa7caed
  specs:
    lcbo (0.29.0)
      addressable (= 2.1.2)
      nokogiri (= 1.4.3.1)
      typhoeus (= 0.1.29)
      yajl-ruby (= 0.7.7)

GEM
  remote: http://rubygems.org/
  specs:
    abstract (1.0.0)
    actionmailer (3.0.0.rc)
      actionpack (= 3.0.0.rc)
      mail (~> 2.2.5)
    actionpack (3.0.0.rc)
      activemodel (= 3.0.0.rc)
      activesupport (= 3.0.0.rc)
      builder (~> 2.1.2)
      erubis (~> 2.6.6)
      i18n (~> 0.4.1)
      rack (~> 1.2.1)
      rack-mount (~> 0.6.9)
      rack-test (~> 0.5.4)
      tzinfo (~> 0.3.22)
    activemodel (3.0.0.rc)
      activesupport (= 3.0.0.rc)
      builder (~> 2.1.2)
      i18n (~> 0.4.1)
    activerecord (3.0.0.rc)
      activemodel (= 3.0.0.rc)
      activesupport (= 3.0.0.rc)
      arel (~> 0.4.0)
      tzinfo (~> 0.3.22)
    activeresource (3.0.0.rc)
      activemodel (= 3.0.0.rc)
      activesupport (= 3.0.0.rc)
    activesupport (3.0.0.rc)
    addressable (2.1.2)
    arel (0.4.0)
      activesupport (>= 3.0.0.beta)
    awesome_print (0.2.1)
    bson (1.0.4)
    bson_ext (1.0.4)
    builder (2.1.2)
    capistrano (2.5.19)
      highline
      net-scp (>= 1.0.0)
      net-sftp (>= 2.0.0)
      net-ssh (>= 2.0.14)
      net-ssh-gateway (>= 1.0.0)
    chronic (0.2.3)
      hoe (>= 1.2.1)
    diff-lcs (1.1.2)
    erubis (2.6.6)
      abstract (>= 1.0.0)
    excon (0.2.0)
    fabrication (0.6.0)
    fog (0.2.22)
      builder
      excon (>= 0.2.0)
      formatador (>= 0.0.15)
      json
      mime-types
      net-ssh
      nokogiri (>= 1.4.3.1)
      ruby-hmac
    formatador (0.0.15)
    haml (3.0.15)
    highline (1.6.1)
    hoe (2.6.1)
      rake (>= 0.8.7)
      rubyforge (>= 2.0.4)
    i18n (0.4.1)
    json (1.4.3)
    json_pure (1.4.3)
    mail (2.2.5)
      activesupport (>= 2.3.6)
      mime-types
      treetop (>= 1.4.5)
    mime-types (1.16)
    mongo (1.0.6)
      bson (>= 1.0.4)
    mongoid (2.0.0.beta.14)
      activemodel (= 3.0.0.rc)
      bson (= 1.0.4)
      mongo (= 1.0.6)
      tzinfo (= 0.3.22)
      will_paginate (~> 3.0.pre)
    net-scp (1.0.2)
      net-ssh (>= 1.99.1)
    net-sftp (2.0.4)
      net-ssh (>= 2.0.9)
    net-ssh (2.0.23)
    net-ssh-gateway (1.0.1)
      net-ssh (>= 1.99.1)
    nokogiri (1.4.3.1)
    polyglot (0.3.1)
    rack (1.2.1)
    rack-mount (0.6.9)
      rack (>= 1.0.0)
    rack-test (0.5.4)
      rack (>= 1.0)
    rails (3.0.0.rc)
      actionmailer (= 3.0.0.rc)
      actionpack (= 3.0.0.rc)
      activerecord (= 3.0.0.rc)
      activeresource (= 3.0.0.rc)
      activesupport (= 3.0.0.rc)
      bundler (>= 1.0.0.rc.1)
      railties (= 3.0.0.rc)
    railties (3.0.0.rc)
      actionpack (= 3.0.0.rc)
      activesupport (= 3.0.0.rc)
      rake (>= 0.8.3)
      thor (~> 0.14.0)
    rake (0.8.7)
    redis (2.0.4)
    redis-namespace (0.8.0)
      redis (< 3.0.0)
    redis-store (1.0.0.beta2)
      redis (>= 2.0.0)
    remarkable (4.0.0.alpha4)
      rspec (>= 2.0.0.alpha11)
    remarkable_activemodel (4.0.0.alpha4)
      remarkable (~> 4.0.0.alpha4)
      rspec (>= 2.0.0.alpha11)
    remarkable_mongoid (0.4.0)
      remarkable_activemodel (>= 4.0.0.alpha2)
    resque (1.9.9)
      json_pure (~> 1.4.0)
      redis-namespace (~> 0.8.0)
      sinatra (>= 0.9.2)
      vegas (~> 0.1.2)
    rr (0.10.11)
    rspec (2.0.0.beta.19)
      rspec-core (= 2.0.0.beta.19)
      rspec-expectations (= 2.0.0.beta.19)
      rspec-mocks (= 2.0.0.beta.19)
    rspec-core (2.0.0.beta.19)
    rspec-expectations (2.0.0.beta.19)
      diff-lcs (>= 1.1.2)
    rspec-mocks (2.0.0.beta.19)
    rspec-rails (2.0.0.beta.19)
      rspec (= 2.0.0.beta.19)
      webrat (>= 0.7.2.beta.1)
    ruby-hmac (0.4.0)
    rubyforge (2.0.4)
      json_pure (>= 1.1.7)
    sinatra (1.0)
      rack (>= 1.0)
    thor (0.14.0)
    treetop (1.4.8)
      polyglot (>= 0.3.1)
    typhoeus (0.1.29)
      rack
    tzinfo (0.3.22)
    vegas (0.1.7)
      rack (>= 1.0.0)
    webrat (0.7.2.beta.1)
      nokogiri (>= 1.2.0)
      rack (>= 1.0)
      rack-test (>= 0.5.3)
    whenever (0.5.0)
      chronic (>= 0.2.3)
    will_paginate (3.0.pre2)
    yajl-ruby (0.7.7)

PLATFORMS
  ruby

DEPENDENCIES
  awesome_print
  bson_ext (= 1.0.4)
  capistrano
  fabrication
  fog
  haml
  lcbo!
  mongoid (= 2.0.0.beta.14)
  rails (= 3.0.0.rc)
  redis (= 2.0.4)
  redis-namespace (= 0.8.0)
  redis-store (= 1.0.0.beta2)
  remarkable_mongoid
  resque
  rr
  rspec-rails (= 2.0.0.beta.19)
  whenever
