GIT
  remote: git://github.com/ctran/annotate_models.git
  revision: 4a96f3a15902c58e6044f8229d81a7554149219a
  specs:
    annotate (2.6.0.beta1)
      activerecord (>= 2.3.0)
      rake (>= 0.8.7)

GEM
  remote: http://rubygems.org/
  specs:
    actionmailer (3.2.8)
      actionpack (= 3.2.8)
      mail (~> 2.4.4)
    actionpack (3.2.8)
      activemodel (= 3.2.8)
      activesupport (= 3.2.8)
      builder (~> 3.0.0)
      erubis (~> 2.7.0)
      journey (~> 1.0.4)
      rack (~> 1.4.0)
      rack-cache (~> 1.2)
      rack-test (~> 0.6.1)
      sprockets (~> 2.1.3)
    activemodel (3.2.8)
      activesupport (= 3.2.8)
      builder (~> 3.0.0)
    activerecord (3.2.8)
      activemodel (= 3.2.8)
      activesupport (= 3.2.8)
      arel (~> 3.0.2)
      tzinfo (~> 0.3.29)
    activeresource (3.2.8)
      activemodel (= 3.2.8)
      activesupport (= 3.2.8)
    activesupport (3.2.8)
      i18n (~> 0.6)
      multi_json (~> 1.0)
    addressable (2.3.2)
    amatch (0.2.10)
      tins (~> 0.3)
    arel (3.0.2)
    awesome_print (1.1.0)
    aws-s3 (0.6.3)
      builder
      mime-types
      xml-simple
    builder (3.0.4)
    capistrano (2.13.4)
      highline
      net-scp (>= 1.0.0)
      net-sftp (>= 2.0.0)
      net-ssh (>= 2.0.14)
      net-ssh-gateway (>= 1.1.0)
    capistrano-ext (1.2.1)
      capistrano (>= 1.0.0)
    capistrano_colors (0.5.5)
    capybara (1.1.2)
      mime-types (>= 1.16)
      nokogiri (>= 1.3.3)
      rack (>= 1.0.0)
      rack-test (>= 0.5.4)
      selenium-webdriver (~> 2.0)
      xpath (~> 0.1.4)
    childprocess (0.3.6)
      ffi (~> 1.0, >= 1.0.6)
    chronic (0.6.7)
    colored (1.2)
    dalli (2.3.0)
    database_cleaner (0.9.1)
    diff-lcs (1.1.3)
    erubis (2.7.0)
    exceptional (2.0.33)
      rack
    execjs (1.4.0)
      multi_json (~> 1.0)
    fabrication (2.5.0)
    ffi (1.1.5)
    gcoder (1.0.0)
      hashie
      ruby-hmac
      yajl-ruby
    haml (3.1.7)
    haml-rails (0.3.5)
      actionpack (>= 3.1, < 4.1)
      activesupport (>= 3.1, < 4.1)
      haml (~> 3.1)
      railties (>= 3.1, < 4.1)
    hashie (1.2.0)
    highline (1.6.15)
    hike (1.2.1)
    hooves (0.7)
      unicorn (> 0)
    i18n (0.6.1)
    journey (1.0.4)
    jquery-rails (2.1.3)
      railties (>= 3.1.0, < 5.0)
      thor (~> 0.14)
    json (1.7.5)
    kgio (2.7.4)
    lcbo (1.2.3)
      nokogiri (~> 1.5.0)
      stringex (~> 1.3.0)
      typhoeus (~> 0.3.3)
      unicode_utils (~> 1.2.2)
    libv8 (3.3.10.4)
    libwebsocket (0.1.5)
      addressable
    mail (2.4.4)
      i18n (>= 0.4.0)
      mime-types (~> 1.16)
      treetop (~> 1.4.8)
    mime-types (1.19)
    multi_json (1.3.6)
    net-scp (1.0.4)
      net-ssh (>= 1.99.1)
    net-sftp (2.0.5)
      net-ssh (>= 2.0.9)
    net-ssh (2.6.1)
    net-ssh-gateway (1.1.0)
      net-ssh (>= 1.99.1)
    nokogiri (1.5.5)
    pg (0.14.1)
    polyglot (0.3.3)
    rack (1.4.1)
    rack-cache (1.2)
      rack (>= 0.4)
    rack-ssl (1.3.2)
      rack
    rack-test (0.6.2)
      rack (>= 1.0)
    rails (3.2.8)
      actionmailer (= 3.2.8)
      actionpack (= 3.2.8)
      activerecord (= 3.2.8)
      activeresource (= 3.2.8)
      activesupport (= 3.2.8)
      bundler (~> 1.0)
      railties (= 3.2.8)
    railties (3.2.8)
      actionpack (= 3.2.8)
      activesupport (= 3.2.8)
      rack-ssl (~> 1.3.2)
      rake (>= 0.8.7)
      rdoc (~> 3.4)
      thor (>= 0.14.6, < 2.0)
    raindrops (0.10.0)
    rake (0.9.2.2)
    rdiscount (1.6.8)
    rdoc (3.12)
      json (~> 1.4)
    redis (3.0.2)
    rspec (2.11.0)
      rspec-core (~> 2.11.0)
      rspec-expectations (~> 2.11.0)
      rspec-mocks (~> 2.11.0)
    rspec-core (2.11.1)
    rspec-expectations (2.11.3)
      diff-lcs (~> 1.1.3)
    rspec-mocks (2.11.3)
    rspec-rails (2.11.4)
      actionpack (>= 3.0)
      activesupport (>= 3.0)
      railties (>= 3.0)
      rspec (~> 2.11.0)
    ruby-hmac (0.4.0)
    rubyzip (0.9.9)
    rvm-capistrano (1.2.7)
      capistrano (>= 2.0.0)
    sass (3.2.1)
    sass-rails (3.2.5)
      railties (~> 3.2.0)
      sass (>= 3.1.10)
      tilt (~> 1.3)
    selenium-webdriver (2.25.0)
      childprocess (>= 0.2.5)
      libwebsocket (~> 0.1.3)
      multi_json (~> 1.0)
      rubyzip
    sequel (3.40.0)
    sequel_pg (1.6.0)
      pg (>= 0.8.0)
      sequel (>= 3.39.0)
    sprockets (2.1.3)
      hike (~> 1.2)
      rack (~> 1.0)
      tilt (~> 1.1, != 1.3.0)
    stringex (1.3.3)
    therubyracer (0.10.2)
      libv8 (~> 3.3.10)
    thor (0.16.0)
    tilt (1.3.3)
    tins (0.6.0)
    treetop (1.4.11)
      polyglot
      polyglot (>= 0.3.1)
    typhoeus (0.3.3)
      mime-types
    tzinfo (0.3.33)
    uglifier (1.3.0)
      execjs (>= 0.3.0)
      multi_json (~> 1.0, >= 1.0.2)
    unicode_utils (1.2.2)
    unicorn (4.4.0)
      kgio (~> 2.6)
      rack
      raindrops (~> 0.7)
    whenever (0.7.3)
      activesupport (>= 2.3.4)
      chronic (~> 0.6.3)
    xml-simple (1.1.2)
    xpath (0.1.4)
      nokogiri (~> 1.3)
    yajl-ruby (1.1.0)
    zippy (0.2.1)
      rubyzip (>= 0.9.1)

PLATFORMS
  ruby

DEPENDENCIES
  amatch
  annotate!
  awesome_print
  aws-s3
  capistrano
  capistrano-ext
  capistrano_colors
  capybara
  colored
  dalli
  database_cleaner
  exceptional
  fabrication
  gcoder
  haml-rails
  hooves
  jquery-rails
  lcbo (= 1.2.3)
  pg
  rack-cache
  rails (= 3.2.8)
  rdiscount
  redis
  rspec-rails
  rvm-capistrano
  sass-rails
  sequel
  sequel_pg
  stringex
  therubyracer
  uglifier
  unicorn
  whenever
  yajl-ruby
  zippy
